PATH
  remote: .
  specs:
    ffi-gosu (0.0.1)
      ffi (~> 1.12)

GEM
  remote: https://rubygems.org/
  specs:
    ffi (1.14.2)
    minitest (5.14.2)
    rake (13.0.3)

PLATFORMS
  x86_64-linux

DEPENDENCIES
  bundler (~> 2.1)
  ffi-gosu!
  minitest (~> 5.0)
  rake (~> 13.0)

BUNDLED WITH
   2.2.3
