PATH
  remote: .
  specs:
    ffi-gosu (0.0.1)
      ffi (~> 1.12)

GEM
  remote: https://rubygems.org/
  specs:
    ffi (1.15.5)
    minitest (5.15.0)
    rake (13.0.6)

PLATFORMS
  ruby
  x86_64-linux

DEPENDENCIES
  bundler (~> 2.1)
  ffi-gosu!
  minitest (~> 5.0)
  rake (~> 13.0)

BUNDLED WITH
   2.2.22
